GIT
  remote: https://github.com/rails/rails.git
  revision: 82054e8eb76a72ded0abee83019e60c19f552a8b
  branch: main
  specs:
    actioncable (7.2.0.alpha)
      actionpack (= 7.2.0.alpha)
      activesupport (= 7.2.0.alpha)
      nio4r (~> 2.0)
      websocket-driver (>= 0.6.1)
      zeitwerk (~> 2.6)
    actionmailbox (7.2.0.alpha)
      actionpack (= 7.2.0.alpha)
      activejob (= 7.2.0.alpha)
      activerecord (= 7.2.0.alpha)
      activestorage (= 7.2.0.alpha)
      activesupport (= 7.2.0.alpha)
      mail (>= 2.8.0)
    actionmailer (7.2.0.alpha)
      actionpack (= 7.2.0.alpha)
      actionview (= 7.2.0.alpha)
      activejob (= 7.2.0.alpha)
      activesupport (= 7.2.0.alpha)
      mail (>= 2.8.0)
      rails-dom-testing (~> 2.2)
    actionpack (7.2.0.alpha)
      actionview (= 7.2.0.alpha)
      activesupport (= 7.2.0.alpha)
      nokogiri (>= 1.8.5)
      racc
      rack (>= 2.2.4)
      rack-session (>= 1.0.1)
      rack-test (>= 0.6.3)
      rails-dom-testing (~> 2.2)
      rails-html-sanitizer (~> 1.6)
      useragent (~> 0.16)
    actiontext (7.2.0.alpha)
      actionpack (= 7.2.0.alpha)
      activerecord (= 7.2.0.alpha)
      activestorage (= 7.2.0.alpha)
      activesupport (= 7.2.0.alpha)
      globalid (>= 0.6.0)
      nokogiri (>= 1.8.5)
    actionview (7.2.0.alpha)
      activesupport (= 7.2.0.alpha)
      builder (~> 3.1)
      erubi (~> 1.11)
      rails-dom-testing (~> 2.2)
      rails-html-sanitizer (~> 1.6)
    activejob (7.2.0.alpha)
      activesupport (= 7.2.0.alpha)
      globalid (>= 0.3.6)
    activemodel (7.2.0.alpha)
      activesupport (= 7.2.0.alpha)
    activerecord (7.2.0.alpha)
      activemodel (= 7.2.0.alpha)
      activesupport (= 7.2.0.alpha)
      timeout (>= 0.4.0)
    activestorage (7.2.0.alpha)
      actionpack (= 7.2.0.alpha)
      activejob (= 7.2.0.alpha)
      activerecord (= 7.2.0.alpha)
      activesupport (= 7.2.0.alpha)
      marcel (~> 1.0)
    activesupport (7.2.0.alpha)
      base64
      bigdecimal
      concurrent-ruby (~> 1.0, >= 1.0.2)
      connection_pool (>= 2.2.5)
      drb
      i18n (>= 1.6, < 2)
      minitest (>= 5.1, < 5.22.0)
      tzinfo (~> 2.0, >= 2.0.5)
    rails (7.2.0.alpha)
      actioncable (= 7.2.0.alpha)
      actionmailbox (= 7.2.0.alpha)
      actionmailer (= 7.2.0.alpha)
      actionpack (= 7.2.0.alpha)
      actiontext (= 7.2.0.alpha)
      actionview (= 7.2.0.alpha)
      activejob (= 7.2.0.alpha)
      activemodel (= 7.2.0.alpha)
      activerecord (= 7.2.0.alpha)
      activestorage (= 7.2.0.alpha)
      activesupport (= 7.2.0.alpha)
      bundler (>= 1.15.0)
      railties (= 7.2.0.alpha)
    railties (7.2.0.alpha)
      actionpack (= 7.2.0.alpha)
      activesupport (= 7.2.0.alpha)
      irb
      rackup (>= 1.0.0)
      rake (>= 12.2)
      thor (~> 1.0, >= 1.2.2)
      zeitwerk (~> 2.6)

PATH
  remote: vendor/thruster
  specs:
    thruster (0.1.4)

GEM
  remote: https://rubygems.org/
  specs:
    activerecord-session_store (2.1.0)
      actionpack (>= 6.1)
      activerecord (>= 6.1)
      cgi (>= 0.3.6)
      multi_json (~> 1.11, >= 1.11.2)
      rack (>= 2.0.8, < 4)
      railties (>= 6.1)
    addressable (2.8.6)
      public_suffix (>= 2.0.2, < 6.0)
    ast (2.4.2)
    base64 (0.2.0)
    bcrypt (3.1.20)
    bigdecimal (3.1.7)
    bindex (0.8.1)
    bootsnap (1.18.3)
      msgpack (~> 1.2)
    brakeman (6.1.2)
      racc
    builder (3.2.4)
    capybara (3.40.0)
      addressable
      matrix
      mini_mime (>= 0.1.3)
      nokogiri (~> 1.11)
      rack (>= 1.6.0)
      rack-test (>= 0.6.3)
      regexp_parser (>= 1.5, < 3.0)
      xpath (~> 3.2)
    cgi (0.4.1)
    concurrent-ruby (1.2.3)
    connection_pool (2.4.1)
    crass (1.0.6)
    date (3.3.4)
    debug (1.9.2)
      irb (~> 1.10)
      reline (>= 0.3.8)
    diff-lcs (1.5.1)
    dockerfile-rails (1.6.9)
      rails (>= 3.0.0)
    doorkeeper (5.7.0)
      railties (>= 5)
    doorkeeper-openid_connect (1.8.9)
      doorkeeper (>= 5.5, < 5.8)
      jwt (>= 2.5)
    drb (2.2.1)
    e2mmap (0.1.0)
    erubi (1.12.0)
    ffi (1.16.3)
    globalid (1.2.1)
      activesupport (>= 6.1)
    i18n (1.14.4)
      concurrent-ruby (~> 1.0)
    image_processing (1.12.2)
      mini_magick (>= 4.9.5, < 5)
      ruby-vips (>= 2.0.17, < 3)
    importmap-rails (2.0.1)
      actionpack (>= 6.0.0)
      activesupport (>= 6.0.0)
      railties (>= 6.0.0)
    io-console (0.7.2)
    irb (1.12.0)
      rdoc
      reline (>= 0.4.2)
    jbuilder (2.11.5)
      actionview (>= 5.0.0)
      activesupport (>= 5.0.0)
    json (2.7.2)
    json-schema (4.3.0)
      addressable (>= 2.8)
    jwt (2.8.1)
      base64
    language_server-protocol (3.17.0.3)
    lint_roller (1.1.0)
    local_time (3.0.2)
    loofah (2.22.0)
      crass (~> 1.0.2)
      nokogiri (>= 1.12.0)
    mail (2.8.1)
      mini_mime (>= 0.1.1)
      net-imap
      net-pop
      net-smtp
    marcel (1.0.4)
    matrix (0.4.2)
    mini_magick (4.12.0)
    mini_mime (1.1.5)
    minitest (5.21.2)
    msgpack (1.7.2)
    multi_json (1.15.0)
    net-imap (0.4.10)
      date
      net-protocol
    net-pop (0.1.2)
      net-protocol
    net-protocol (0.2.2)
      timeout
    net-smtp (0.5.0)
      net-protocol
    nio4r (2.7.1)
    nokogiri (1.16.4-aarch64-linux)
      racc (~> 1.4)
    nokogiri (1.16.4-arm-linux)
      racc (~> 1.4)
    nokogiri (1.16.4-arm64-darwin)
      racc (~> 1.4)
    nokogiri (1.16.4-x86-linux)
      racc (~> 1.4)
    nokogiri (1.16.4-x86_64-darwin)
      racc (~> 1.4)
    nokogiri (1.16.4-x86_64-linux)
      racc (~> 1.4)
    openssl (3.2.0)
    parallel (1.24.0)
    parser (3.3.0.5)
      ast (~> 2.4.1)
      racc
    pg (1.5.6)
    propshaft (0.8.0)
      actionpack (>= 7.0.0)
      activesupport (>= 7.0.0)
      rack
      railties (>= 7.0.0)
    psych (5.1.2)
      stringio
    public_suffix (5.0.5)
    puma (6.4.2)
      nio4r (~> 2.0)
    racc (1.7.3)
    rack (3.0.10)
    rack-session (2.0.0)
      rack (>= 3.0.0)
    rack-test (2.1.0)
      rack (>= 1.3)
    rackup (2.1.0)
      rack (>= 3)
      webrick (~> 1.8)
    rails-dom-testing (2.2.0)
      activesupport (>= 5.0.0)
      minitest
      nokogiri (>= 1.6)
    rails-html-sanitizer (1.6.0)
      loofah (~> 2.21)
      nokogiri (~> 1.14)
    rainbow (3.1.1)
    rake (13.2.1)
    rakismet (1.5.4)
    rdoc (6.6.3.1)
      psych (>= 4.0.0)
    redis (5.2.0)
      redis-client (>= 0.22.0)
    redis-client (0.22.1)
      connection_pool
    regexp_parser (2.9.0)
    reline (0.5.2)
      io-console (~> 0.5)
    rexml (3.2.6)
    rotp (6.3.0)
    rspec (3.13.0)
      rspec-core (~> 3.13.0)
      rspec-expectations (~> 3.13.0)
      rspec-mocks (~> 3.13.0)
    rspec-core (3.13.0)
      rspec-support (~> 3.13.0)
    rspec-expectations (3.13.0)
      diff-lcs (>= 1.2.0, < 2.0)
      rspec-support (~> 3.13.0)
    rspec-mocks (3.13.0)
      diff-lcs (>= 1.2.0, < 2.0)
      rspec-support (~> 3.13.0)
    rspec-rails (6.1.2)
      actionpack (>= 6.1)
      activesupport (>= 6.1)
      railties (>= 6.1)
      rspec-core (~> 3.13)
      rspec-expectations (~> 3.13)
      rspec-mocks (~> 3.13)
      rspec-support (~> 3.13)
    rspec-support (3.13.1)
    rswag (2.13.0)
      rswag-api (= 2.13.0)
      rswag-specs (= 2.13.0)
      rswag-ui (= 2.13.0)
    rswag-api (2.13.0)
      activesupport (>= 3.1, < 7.2)
      railties (>= 3.1, < 7.2)
    rswag-specs (2.13.0)
      activesupport (>= 3.1, < 7.2)
      json-schema (>= 2.2, < 5.0)
      railties (>= 3.1, < 7.2)
      rspec-core (>= 2.14)
    rswag-ui (2.13.0)
      actionpack (>= 3.1, < 7.2)
      railties (>= 3.1, < 7.2)
    rubocop (1.62.1)
      json (~> 2.3)
      language_server-protocol (>= 3.17.0)
      parallel (~> 1.10)
      parser (>= 3.3.0.2)
      rainbow (>= 2.2.2, < 4.0)
      regexp_parser (>= 1.8, < 3.0)
      rexml (>= 3.2.5, < 4.0)
      rubocop-ast (>= 1.31.1, < 2.0)
      ruby-progressbar (~> 1.7)
      unicode-display_width (>= 2.4.0, < 3.0)
    rubocop-ast (1.31.2)
      parser (>= 3.3.0.4)
    rubocop-minitest (0.35.0)
      rubocop (>= 1.61, < 2.0)
      rubocop-ast (>= 1.31.1, < 2.0)
    rubocop-performance (1.20.2)
      rubocop (>= 1.48.1, < 2.0)
      rubocop-ast (>= 1.30.0, < 2.0)
    rubocop-rails (2.23.1)
      activesupport (>= 4.2.0)
      rack (>= 1.1)
      rubocop (>= 1.33.0, < 2.0)
      rubocop-ast (>= 1.30.0, < 2.0)
    rubocop-rails-omakase (1.0.0)
      rubocop
      rubocop-minitest
      rubocop-performance
      rubocop-rails
    ruby-progressbar (1.13.0)
    ruby-vips (2.2.1)
      ffi (~> 1.12)
    rubyzip (2.3.2)
    selenium-webdriver (4.19.0)
      base64 (~> 0.2)
      rexml (~> 3.2, >= 3.2.5)
      rubyzip (>= 1.2.2, < 3.0)
      websocket (~> 1.0)
    shell (0.8.1)
      e2mmap
      sync
    solid_cache (0.6.0)
      activejob (>= 7)
      activerecord (>= 7)
      railties (>= 7)
    spring (4.2.1)
    sqlite3 (2.0.1-aarch64-linux-gnu)
    sqlite3 (2.0.1-aarch64-linux-musl)
    sqlite3 (2.0.1-arm-linux-gnu)
    sqlite3 (2.0.1-arm-linux-musl)
    sqlite3 (2.0.1-arm64-darwin)
    sqlite3 (2.0.1-x86-linux-gnu)
    sqlite3 (2.0.1-x86-linux-musl)
    sqlite3 (2.0.1-x86_64-darwin)
    sqlite3 (2.0.1-x86_64-linux-gnu)
    sqlite3 (2.0.1-x86_64-linux-musl)
    standard (1.35.1)
      language_server-protocol (~> 3.17.0.2)
      lint_roller (~> 1.0)
      rubocop (~> 1.62.0)
      standard-custom (~> 1.0.0)
      standard-performance (~> 1.3)
    standard-custom (1.0.2)
      lint_roller (~> 1.0)
      rubocop (~> 1.50)
    standard-performance (1.3.1)
      lint_roller (~> 1.1)
      rubocop-performance (~> 1.20.2)
    standard-rails (1.0.2)
      lint_roller (~> 1.0)
      rubocop-rails (~> 2.23.1)
    stimulus-rails (1.3.3)
      railties (>= 6.0.0)
    stringio (3.1.0)
    sync (0.5.0)
    thor (1.3.1)
    timeout (0.4.1)
    turbo-rails (2.0.5)
      actionpack (>= 6.0.0)
      activejob (>= 6.0.0)
      railties (>= 6.0.0)
    tzinfo (2.0.6)
      concurrent-ruby (~> 1.0)
    unicode-display_width (2.5.0)
    useragent (0.16.10)
    warden (1.2.9)
      rack (>= 2.0.9)
    web-console (4.2.1)
      actionview (>= 6.0.0)
      activemodel (>= 6.0.0)
      bindex (>= 0.4.0)
      railties (>= 6.0.0)
    webrick (1.8.1)
    websocket (1.2.10)
    websocket-driver (0.7.6)
      websocket-extensions (>= 0.1.0)
    websocket-extensions (0.1.5)
    xpath (3.2.0)
      nokogiri (~> 1.8)
    zeitwerk (2.6.13)

PLATFORMS
  aarch64-linux
  aarch64-linux-gnu
  aarch64-linux-musl
  arm-linux
  arm-linux-gnu
  arm-linux-musl
  arm64-darwin
  x86-linux
  x86-linux-gnu
  x86-linux-musl
  x86_64-darwin
  x86_64-linux
  x86_64-linux-gnu
  x86_64-linux-musl

DEPENDENCIES
  activerecord-session_store (~> 2.1)
  bcrypt (~> 3.1.7)
  bootsnap
  brakeman
  capybara
  debug
  dockerfile-rails (>= 1.6)
  doorkeeper (~> 5.7)
  doorkeeper-openid_connect (~> 1.8)
  image_processing (~> 1.2)
  importmap-rails
  jbuilder
  local_time (~> 3.0)
  openssl (~> 3.2)
  pg (~> 1.5)
  propshaft
  puma (>= 5.0)
  rails!
  rakismet (~> 1.5)
  redis (>= 4.0.1)
  rotp (~> 6.3)
  rspec
  rspec-rails
  rswag (~> 2.13)
  rubocop-rails-omakase
  selenium-webdriver
  shell (~> 0.8.1)
  solid_cache (~> 0.6.0)
  spring
  sqlite3 (>= 1.4)
  standard
  standard-rails
  stimulus-rails
  thruster!
  turbo-rails
  tzinfo-data
  warden (~> 1.2)
  web-console

RUBY VERSION
   ruby 3.3.2p78

BUNDLED WITH
   2.5.11
